GEM
  remote: https://rubygems.org/
  specs:
    cairo (1.12.8)
      pkg-config
    pkg-config (1.1.5)

PLATFORMS
  ruby

DEPENDENCIES
  cairo
